ObjectType = Image
NDims = 2
BinaryData = True
BinaryDataByteOrderMSB = False
Offset = 0 0 
ElementSpacing = 1 1 
DimSize = 256 176 
ElementNumberOfChannels = 1
ElementType = MET_FLOAT
ElementDataFile = 94.2d.raw
